GIT
  remote: git://github.com/davydovanton/sidekiq-statistic.git
  revision: f7476c9a9ab30a1988ae4127e256c63f38f782e1
  specs:
    sidekiq-statistic (1.3.0)
      sidekiq (>= 5.0)
      tilt (~> 2.0)

GEM
  remote: https://rubygems.org/
  remote: https://gems.contribsys.com/
  specs:
    concurrent-ruby (1.0.5)
    connection_pool (2.2.1)
    dotenv (2.2.1)
    et-orbi (1.0.9)
      tzinfo
    mustermann (1.0.2)
    rack (2.0.5)
    rack-protection (2.0.3)
      rack
    redis (4.0.1)
    rufus-scheduler (3.4.2)
      et-orbi (~> 1.0)
    sidekiq (5.0.5)
      concurrent-ruby (~> 1.0)
      connection_pool (~> 2.2, >= 2.2.0)
      rack-protection (>= 1.5.0)
      redis (>= 3.3.4, < 5)
    sidekiq-pro (3.5.4)
      sidekiq (>= 4.1.5)
    sidekiq-scheduler (2.2.1)
      redis (>= 3, < 5)
      rufus-scheduler (~> 3.2)
      sidekiq (>= 3)
      tilt (>= 1.4.0)
    sinatra (2.0.3)
      mustermann (~> 1.0)
      rack (~> 2.0)
      rack-protection (= 2.0.3)
      tilt (~> 2.0)
    thread_safe (0.3.6)
    tilt (2.0.8)
    tzinfo (1.2.5)
      thread_safe (~> 0.1)

PLATFORMS
  ruby

DEPENDENCIES
  dotenv
  sidekiq
  sidekiq-pro (~> 3.5.0)!
  sidekiq-scheduler
  sidekiq-statistic!
  sinatra

BUNDLED WITH
   1.16.1
